GEM
  remote: https://rubygems.org/
  specs:
    highline (2.1.0)
    options (2.3.2)
    progress_bar (1.3.3)
      highline (>= 1.6, < 3)
      options (~> 2.3.0)

PLATFORMS
  arm64-darwin-22
  x86_64-darwin-20

DEPENDENCIES
  progress_bar (~> 1.3, >= 1.3.3)

BUNDLED WITH
   2.4.15
